GIT
  remote: git://github.com/marclennox/backup.git
  revision: 6f7a24a5f323cdc35af2b41ea6993d45b86f5d35
  branch: feature/dropbox_gdrive_sync
  specs:
    backup (4.1.2)
      addressable (= 2.3.6)
      autoparse (= 0.3.3)
      aws-ses (= 0.6.0)
      buftok (= 0.2.0)
      builder (= 3.2.2)
      dogapi (= 1.11.0)
      dropbox-sdk (= 1.6.4)
      equalizer (= 0.0.9)
      excon (= 0.41.0)
      extlib (= 0.9.16)
      faraday (= 0.9.0)
      flowdock (= 0.5.0)
      fog (= 1.24.0)
      fog-brightbox (= 0.6.1)
      fog-core (= 1.24.0)
      fog-json (= 1.0.0)
      fog-radosgw (= 0.0.3)
      fog-sakuracloud (= 0.1.1)
      fog-softlayer (= 0.3.24)
      fog-xml (= 0.1.1)
      formatador (= 0.2.5)
      google-api-client (= 0.7.1)
      hipchat (= 1.4.0)
      http (= 0.6.2)
      http_parser.rb (= 0.6.0)
      httparty (= 0.13.3)
      inflecto (= 0.0.2)
      ipaddress (= 0.8.0)
      json (= 1.8.1)
      jwt (= 1.0.0)
      launchy (= 2.4.3)
      mail (= 2.6.3)
      memoizable (= 0.4.2)
      mime-types (= 2.4.3)
      mini_portile (= 0.6.1)
      multi_json (= 1.10.1)
      multi_xml (= 0.5.5)
      multipart-post (= 2.0.0)
      naught (= 1.0.0)
      net-scp (= 1.2.1)
      net-sftp (= 2.1.2)
      net-ssh (= 2.9.1)
      nokogiri (= 1.6.4.1)
      open4 (= 1.3.4)
      pagerduty (= 2.0.0)
      retriable (= 1.4.1)
      signet (= 0.5.1)
      simple_oauth (= 0.3.0)
      thor (= 0.19.1)
      thread_safe (= 0.3.4)
      twitter (= 5.13.0)
      unf (= 0.1.4)
      unf_ext (= 0.0.6)
      uuidtools (= 2.1.5)
      xml-simple (= 1.1.4)

GEM
  remote: https://rubygems.org/
  specs:
    addressable (2.3.6)
    autoparse (0.3.3)
      addressable (>= 2.3.1)
      extlib (>= 0.9.15)
      multi_json (>= 1.0.0)
    aws-ses (0.6.0)
      builder
      mail (> 2.2.5)
      mime-types
      xml-simple
    buftok (0.2.0)
    builder (3.2.2)
    chronic (0.10.2)
    dogapi (1.11.0)
      json (>= 1.5.1)
    dropbox-sdk (1.6.4)
      json
    equalizer (0.0.9)
    excon (0.41.0)
    extlib (0.9.16)
    faraday (0.9.0)
      multipart-post (>= 1.2, < 3)
    flowdock (0.5.0)
      httparty (~> 0.7)
      multi_json
    fog (1.24.0)
      fog-brightbox
      fog-core (~> 1.23)
      fog-json
      fog-radosgw (>= 0.0.2)
      fog-sakuracloud (>= 0.0.4)
      fog-softlayer
      ipaddress (~> 0.5)
      nokogiri (~> 1.5, >= 1.5.11)
    fog-brightbox (0.6.1)
      fog-core (~> 1.22)
      fog-json
      inflecto
    fog-core (1.24.0)
      builder
      excon (~> 0.38)
      formatador (~> 0.2)
      mime-types
      net-scp (~> 1.1)
      net-ssh (>= 2.1.3)
    fog-json (1.0.0)
      multi_json (~> 1.0)
    fog-radosgw (0.0.3)
      fog-core (>= 1.21.0)
      fog-json
      fog-xml (>= 0.0.1)
    fog-sakuracloud (0.1.1)
      fog-core
      fog-json
    fog-softlayer (0.3.24)
      fog-core
      fog-json
    fog-xml (0.1.1)
      fog-core
      nokogiri (~> 1.5, >= 1.5.11)
    formatador (0.2.5)
    google-api-client (0.7.1)
      addressable (>= 2.3.2)
      autoparse (>= 0.3.3)
      extlib (>= 0.9.15)
      faraday (>= 0.9.0)
      jwt (>= 0.1.5)
      launchy (>= 2.1.1)
      multi_json (>= 1.0.0)
      retriable (>= 1.4)
      signet (>= 0.5.0)
      uuidtools (>= 2.1.0)
    hipchat (1.4.0)
      httparty
    http (0.6.2)
      http_parser.rb (~> 0.6.0)
    http_parser.rb (0.6.0)
    httparty (0.13.3)
      json (~> 1.8)
      multi_xml (>= 0.5.2)
    inflecto (0.0.2)
    ipaddress (0.8.0)
    json (1.8.1)
    jwt (1.0.0)
    launchy (2.4.3)
      addressable (~> 2.3)
    mail (2.6.3)
      mime-types (>= 1.16, < 3)
    memoizable (0.4.2)
      thread_safe (~> 0.3, >= 0.3.1)
    mime-types (2.4.3)
    mini_portile (0.6.1)
    multi_json (1.10.1)
    multi_xml (0.5.5)
    multipart-post (2.0.0)
    naught (1.0.0)
    net-scp (1.2.1)
      net-ssh (>= 2.6.5)
    net-sftp (2.1.2)
      net-ssh (>= 2.6.5)
    net-ssh (2.9.1)
    nokogiri (1.6.4.1)
      mini_portile (~> 0.6.0)
    open4 (1.3.4)
    pagerduty (2.0.0)
      json (>= 1.7.7)
    retriable (1.4.1)
    signet (0.5.1)
      addressable (>= 2.2.3)
      faraday (>= 0.9.0.rc5)
      jwt (>= 0.1.5)
      multi_json (>= 1.0.0)
    simple_oauth (0.3.0)
    thor (0.19.1)
    thread_safe (0.3.4)
    twitter (5.13.0)
      addressable (~> 2.3)
      buftok (~> 0.2.0)
      equalizer (~> 0.0.9)
      faraday (~> 0.9.0)
      http (~> 0.6.0)
      http_parser.rb (~> 0.6.0)
      json (~> 1.8)
      memoizable (~> 0.4.0)
      naught (~> 1.0)
      simple_oauth (~> 0.3.0)
    unf (0.1.4)
      unf_ext
    unf_ext (0.0.6)
    uuidtools (2.1.5)
    whenever (0.9.4)
      chronic (>= 0.6.3)
    xml-simple (1.1.4)

PLATFORMS
  ruby

DEPENDENCIES
  backup!
  whenever
